GIT
  remote: git@github.com:kcormier/gem-vagrant-wrapper.git
  revision: b0e2f1a228b88b835a68060f42494a7293cf0bd0
  specs:
    vagrant-wrapper (2.0.4.dev)

GEM
  remote: https://rubygems.org/
  specs:
    rake (10.4.2)

PLATFORMS
  ruby

DEPENDENCIES
  rake
  vagrant-wrapper!
